GIT
  remote: http://github.com/ckolderup/giantbomb.git
  revision: e6972ae257e7fbda6f388bc9d0f4c326f332c3f5
  specs:
    giantbomb (0.5.3)
      httparty (~> 0)

GIT
  remote: https://github.com/andymeneely/squib
  revision: cfbcdfeeec22ae94c4dd18bfa13c6b27fc350e58
  branch: master
  specs:
    squib (0.15.0a)
      cairo (= 1.16.4)
      classy_hash (= 0.2.1)
      gio2 (= 3.3.6)
      gobject-introspection (= 3.3.6)
      highline (= 2.0.2)
      mercenary (= 0.3.6)
      nokogiri (= 1.10.3)
      pango (= 3.3.6)
      roo (= 2.8.2)
      rsvg2 (= 3.3.6)
      ruby-progressbar (= 1.10.0)

GIT
  remote: https://github.com/ckolderup/twitter.git
  revision: 4961b27303b550fc6926613afaa6b2a19be38d6a
  branch: video-upload-fix
  specs:
    twitter (5.15.0)
      addressable (~> 2.3)
      buftok (~> 0.2.0)
      equalizer (~> 0.0.11)
      http (~> 3.0)
      http-form_data (~> 2.0)
      http_parser.rb (~> 0.6.0)
      memoizable (~> 0.4.0)
      multipart-post (~> 2.0)
      naught (~> 1.0)
      simple_oauth (~> 0.3.0)

GEM
  remote: https://rubygems.org/
  specs:
    activemodel (5.2.3)
      activesupport (= 5.2.3)
    activesupport (5.2.3)
      concurrent-ruby (~> 1.0, >= 1.0.2)
      i18n (>= 0.7, < 2)
      minitest (~> 5.1)
      tzinfo (~> 1.1)
    addressable (2.6.0)
      public_suffix (>= 2.0.2, < 4.0)
    buftok (0.2.0)
    cairo (1.16.4)
      native-package-installer (>= 1.0.3)
      pkg-config (>= 1.2.2)
    cairo-gobject (3.3.6)
      cairo (>= 1.16.2)
      glib2 (= 3.3.6)
    classy_hash (0.2.1)
    color (1.8)
    colourlovers (0.0.1)
      httparty
    concurrent-ruby (1.1.5)
    discordrb-webhooks (3.4.2)
      rest-client (>= 2.0.0)
    domain_name (0.5.20190701)
      unf (>= 0.0.5, < 1.0.0)
    dotenv (2.7.4)
    equalizer (0.0.11)
    ethon (0.12.0)
      ffi (>= 1.3.0)
    ffi (1.11.1)
    gdk_pixbuf2 (3.3.6)
      gio2 (= 3.3.6)
    gio2 (3.3.6)
      gobject-introspection (= 3.3.6)
    glib2 (3.3.6)
      native-package-installer (>= 1.0.3)
      pkg-config (>= 1.3.5)
    gobject-introspection (3.3.6)
      glib2 (= 3.3.6)
    highline (2.0.2)
    htmlentities (4.3.4)
    http (3.3.0)
      addressable (~> 2.3)
      http-cookie (~> 1.0)
      http-form_data (~> 2.0)
      http_parser.rb (~> 0.6.0)
    http-accept (1.7.0)
    http-cookie (1.0.3)
      domain_name (~> 0.5)
    http-form_data (2.1.1)
    http_parser.rb (0.6.0)
    httparty (0.21.0)
      mini_mime (>= 1.0.0)
      multi_xml (>= 0.5.2)
    i18n (1.6.0)
      concurrent-ruby (~> 1.0)
    irb (1.0.0)
    json (2.2.0)
    mastodon-api (2.0.0)
      addressable (~> 2.6)
      buftok (~> 0)
      http (~> 3.3)
      oj (~> 3.7)
    memoizable (0.4.2)
      thread_safe (~> 0.3, >= 0.3.1)
    mercenary (0.3.6)
    mime-types (3.4.1)
      mime-types-data (~> 3.2015)
    mime-types-data (3.2022.0105)
    mini_mime (1.1.2)
    mini_portile2 (2.4.0)
    minitest (5.11.3)
    multi_xml (0.6.0)
    multipart-post (2.1.1)
    native-package-installer (1.0.7)
    naught (1.1.0)
    netrc (0.11.0)
    nokogiri (1.10.3)
      mini_portile2 (~> 2.4.0)
    noun-project-api (0.2.2)
      oauth (~> 0)
    oauth (0.5.4)
    oj (3.8.0)
    pango (3.3.6)
      cairo-gobject (= 3.3.6)
      gobject-introspection (= 3.3.6)
    pkg-config (1.3.7)
    public_suffix (3.1.1)
    rake (12.3.2)
    rest-client (2.1.0.rc1)
      http-accept (>= 1.7.0, < 2.0)
      http-cookie (>= 1.0.2, < 2.0)
      mime-types (>= 1.16, < 4.0)
      netrc (~> 0.8)
    rmagick (2.15.4)
    roo (2.8.2)
      nokogiri (~> 1)
      rubyzip (>= 1.2.1, < 2.0.0)
    rsvg2 (3.3.6)
      cairo-gobject (= 3.3.6)
      gdk_pixbuf2 (= 3.3.6)
    ruby-opencv (0.0.18)
    ruby-progressbar (1.10.0)
    rubyzip (1.2.3)
    simple_oauth (0.3.1)
    thread_safe (0.3.6)
    typhoeus (1.3.1)
      ethon (>= 0.9.0)
    tzinfo (1.2.5)
      thread_safe (~> 0.1)
    unf (0.1.4)
      unf_ext
    unf_ext (0.0.7.6)
    word_wrap (1.0.0)
    wordnik (4.12)
      activemodel (>= 3.0.3)
      addressable (>= 2.2.4)
      htmlentities (>= 4.2.4)
      json (>= 1.4.6)
      nokogiri (>= 1.4.4)
      typhoeus (>= 0.2.1)

PLATFORMS
  ruby

DEPENDENCIES
  color
  colourlovers
  discordrb-webhooks (~> 3.4.2)
  dotenv
  giantbomb!
  irb
  mastodon-api (~> 2.0.0)
  nokogiri (>= 1.8.5)
  noun-project-api (~> 0.2.2)
  rake (~> 12.3.2)
  rest-client
  rmagick (~> 2.15.4)
  ruby-opencv (~> 0.0.18)
  squib!
  twitter!
  word_wrap
  wordnik

RUBY VERSION
   ruby 2.6.3p62

BUNDLED WITH
   1.17.2
