GIT
  remote: https://github.com/sferik/twitter.git
  revision: 844818cad07ce490ccb9d8542ebb6b4fc7a61cb4
  specs:
    twitter (6.2.0)
      addressable (~> 2.3)
      buftok (~> 0.2.0)
      equalizer (~> 0.0.11)
      http (~> 3.0)
      http-form_data (~> 2.0)
      http_parser.rb (~> 0.6.0)
      memoizable (~> 0.4.0)
      multipart-post (~> 2.0)
      naught (~> 1.0)
      simple_oauth (~> 0.3.0)

GIT
  remote: https://github.com/tootsuite/mastodon-api
  revision: 4e75becc834278b3c4f5e9c62ee1b0f7b5cfa0c1
  specs:
    mastodon-api (2.0.0)
      addressable (~> 2.6)
      buftok (~> 0)
      http (~> 3.3)
      oj (~> 3.7)

GEM
  remote: https://rubygems.org/
  specs:
    activemodel (5.2.3)
      activesupport (= 5.2.3)
    activesupport (5.2.3)
      concurrent-ruby (~> 1.0, >= 1.0.2)
      i18n (>= 0.7, < 2)
      minitest (~> 5.1)
      tzinfo (~> 1.1)
    addressable (2.6.0)
      public_suffix (>= 2.0.2, < 4.0)
    buftok (0.2.0)
    cairo (1.15.13)
      native-package-installer (>= 1.0.3)
      pkg-config (>= 1.2.2)
    cairo-gobject (3.2.7)
      cairo
      glib2 (= 3.2.7)
    classy_hash (0.2.1)
    color (1.8)
    colourlovers (0.0.1)
      httparty
    concurrent-ruby (1.1.5)
    domain_name (0.5.20190701)
      unf (>= 0.0.5, < 1.0.0)
    dotenv (2.7.4)
    equalizer (0.0.11)
    ethon (0.12.0)
      ffi (>= 1.3.0)
    ffi (1.11.1)
    gdk_pixbuf2 (3.2.7)
      gio2 (= 3.2.7)
    gio2 (3.2.7)
      glib2 (= 3.2.7)
      gobject-introspection (= 3.2.7)
    glib2 (3.2.7)
      native-package-installer (>= 1.0.3)
      pkg-config (>= 1.2.2)
    gobject-introspection (3.2.7)
      glib2 (= 3.2.7)
    highline (1.7.10)
    htmlentities (4.3.4)
    http (3.3.0)
      addressable (~> 2.3)
      http-cookie (~> 1.0)
      http-form_data (~> 2.0)
      http_parser.rb (~> 0.6.0)
    http-cookie (1.0.3)
      domain_name (~> 0.5)
    http-form_data (2.1.1)
    http_parser.rb (0.6.0)
    httparty (0.17.0)
      mime-types (~> 3.0)
      multi_xml (>= 0.5.2)
    i18n (1.6.0)
      concurrent-ruby (~> 1.0)
    json (2.2.0)
    memoizable (0.4.2)
      thread_safe (~> 0.3, >= 0.3.1)
    mercenary (0.3.6)
    mime-types (3.2.2)
      mime-types-data (~> 3.2015)
    mime-types-data (3.2019.0331)
    mini_portile2 (2.3.0)
    minitest (5.11.3)
    multi_xml (0.6.0)
    multipart-post (2.1.1)
    native-package-installer (1.0.7)
    naught (1.1.0)
    netrc (0.11.0)
    nokogiri (1.8.4)
      mini_portile2 (~> 2.3.0)
    noun-project-api (0.2.2)
      oauth (~> 0)
    oauth (0.5.4)
    oj (3.7.12)
    pango (3.2.7)
      cairo-gobject (= 3.2.7)
      gobject-introspection (= 3.2.7)
    pkg-config (1.3.7)
    public_suffix (3.1.1)
    rake (12.3.2)
    rest-client (2.0.2)
      http-cookie (>= 1.0.2, < 2.0)
      mime-types (>= 1.16, < 4.0)
      netrc (~> 0.8)
    rmagick (2.15.4)
    roo (2.7.1)
      nokogiri (~> 1)
      rubyzip (~> 1.1, < 2.0.0)
    rsvg2 (3.2.7)
      cairo (>= 1.12.8)
      cairo-gobject (= 3.2.7)
      gdk_pixbuf2 (= 3.2.7)
    ruby-opencv (0.0.18)
    ruby-progressbar (1.9.0)
    rubyzip (1.2.3)
    simple_oauth (0.3.1)
    squib (0.14.2)
      cairo (= 1.15.13)
      classy_hash (= 0.2.1)
      gio2 (= 3.2.7)
      gobject-introspection (= 3.2.7)
      highline (= 1.7.10)
      mercenary (= 0.3.6)
      nokogiri (= 1.8.4)
      pango (= 3.2.7)
      roo (= 2.7.1)
      rsvg2 (= 3.2.7)
      ruby-progressbar (= 1.9.0)
    thread_safe (0.3.6)
    typhoeus (1.3.1)
      ethon (>= 0.9.0)
    tzinfo (1.2.5)
      thread_safe (~> 0.1)
    unf (0.1.4)
      unf_ext
    unf_ext (0.0.7.6)
    word_wrap (1.0.0)
    wordnik (4.12)
      activemodel (>= 3.0.3)
      addressable (>= 2.2.4)
      htmlentities (>= 4.2.4)
      json (>= 1.4.6)
      nokogiri (>= 1.4.4)
      typhoeus (>= 0.2.1)

PLATFORMS
  ruby

DEPENDENCIES
  color
  colourlovers
  dotenv
  mastodon-api (~> 2.0.0)!
  noun-project-api (~> 0.2.2)
  rake (~> 12.3.2)
  rest-client
  rmagick (~> 2.15.4)
  ruby-opencv (~> 0.0.14)
  squib
  twitter (~> 6.2.0)!
  word_wrap
  wordnik

RUBY VERSION
   ruby 2.6.3p62

BUNDLED WITH
   1.17.2
